GEM
  remote: https://rubygems.org/
  specs:
    statsd-instrument (1.5.0)

PLATFORMS
  ruby

DEPENDENCIES
  statsd-instrument
